GEM
  remote: https://rubygems.org/
  specs:
    Ascii85 (1.1.0)
    afm (0.2.2)
    ast (2.4.2)
    date (3.2.2)
    hashery (2.1.2)
    io-wait (0.2.1)
    json (2.6.1)
    net-http (0.2.0)
      net-protocol
      uri
    net-protocol (0.1.2)
      io-wait
      timeout
    open-uri (0.2.0)
      stringio
      time
      uri
    parallel (1.22.1)
    parser (3.1.1.0)
      ast (~> 2.4.1)
    pdf-reader (2.9.2)
      Ascii85 (~> 1.0)
      afm (~> 0.2.1)
      hashery (~> 2.0)
      ruby-rc4
      ttfunk
    rainbow (3.1.1)
    regexp_parser (2.2.1)
    require_all (3.0.0)
    rexml (3.2.5)
    rubocop (1.26.1)
      parallel (~> 1.10)
      parser (>= 3.1.0.0)
      rainbow (>= 2.2.2, < 4.0)
      regexp_parser (>= 1.8, < 3.0)
      rexml
      rubocop-ast (>= 1.16.0, < 2.0)
      ruby-progressbar (~> 1.7)
      unicode-display_width (>= 1.4.0, < 3.0)
    rubocop-ast (1.16.0)
      parser (>= 3.1.1.0)
    ruby-progressbar (1.11.0)
    ruby-rc4 (0.1.5)
    stringio (3.0.1)
    time (0.2.0)
      date
    timeout (0.2.0)
    ttfunk (1.7.0)
    unicode-display_width (2.1.0)
    uri (0.11.0)

PLATFORMS
  x86_64-linux

DEPENDENCIES
  json
  net-http
  open-uri
  pdf-reader
  require_all
  rubocop

RUBY VERSION
   ruby 3.1.0p0

BUNDLED WITH
   2.3.3
